GEM
  remote: https://rubygems.org/
  specs:
    ast (2.4.2)
    better_errors (2.9.1)
      coderay (>= 1.0.0)
      erubi (>= 1.0.0)
      rack (>= 0.9.0)
    binding_of_caller (1.0.0)
      debug_inspector (>= 0.0.1)
    coderay (1.1.3)
    debug_inspector (1.1.0)
    erubi (1.12.0)
    haml (6.1.1)
      temple (>= 0.8.2)
      thor
      tilt
    json (2.6.3)
    language_server-protocol (3.17.0.2)
    mustermann (3.0.0)
      ruby2_keywords (~> 0.0.1)
    nio4r (2.5.8)
    parallel (1.22.1)
    parser (3.1.3.0)
      ast (~> 2.4.1)
    puma (6.0.1)
      nio4r (~> 2.0)
    rack (2.2.5)
    rack-protection (3.0.5)
      rack
    rainbow (3.1.1)
    redcarpet (3.5.1)
    regexp_parser (2.6.1)
    rexml (3.2.5)
    rubocop (1.40.0)
      json (~> 2.3)
      parallel (~> 1.10)
      parser (>= 3.1.2.1)
      rainbow (>= 2.2.2, < 4.0)
      regexp_parser (>= 1.8, < 3.0)
      rexml (>= 3.2.5, < 4.0)
      rubocop-ast (>= 1.23.0, < 2.0)
      ruby-progressbar (~> 1.7)
      unicode-display_width (>= 1.4.0, < 3.0)
    rubocop-ast (1.24.1)
      parser (>= 3.1.1.0)
    rubocop-performance (1.15.1)
      rubocop (>= 1.7.0, < 2.0)
      rubocop-ast (>= 0.4.0)
    ruby-progressbar (1.11.0)
    ruby2_keywords (0.0.5)
    sinatra (3.0.5)
      mustermann (~> 3.0)
      rack (~> 2.2, >= 2.2.4)
      rack-protection (= 3.0.5)
      tilt (~> 2.0)
    standard (1.20.0)
      language_server-protocol (~> 3.17.0.2)
      rubocop (= 1.40.0)
      rubocop-performance (= 1.15.1)
    temple (0.9.1)
    thor (1.2.1)
    tilt (2.0.11)
    unicode-display_width (2.3.0)
    will_paginate (3.3.1)

PLATFORMS
  x86_64-darwin-21

DEPENDENCIES
  better_errors (~> 2.9)
  binding_of_caller (~> 1.0)
  haml (~> 6.1)
  puma (~> 6.0)
  redcarpet (~> 3.5)
  sinatra (~> 3.0)
  standard (~> 1.20)
  will_paginate (~> 3.3)

BUNDLED WITH
   2.3.17
